GEM
  remote: http://rubygems.org/
  specs:
    addressable (2.2.8)
    beefcake (0.3.7)
    builder (3.2.0)
    diff-lcs (1.2.4)
    dm-core (1.2.0)
      addressable (~> 2.2.6)
    i18n (0.6.4)
    innertube (1.0.2)
    multi_json (1.7.3)
    riak-client (1.2.0)
      beefcake (~> 0.3.7)
      builder (>= 2.1.2)
      i18n (>= 0.4.0)
      innertube (~> 1.0.2)
      multi_json (~> 1.0)
    rspec (2.13.0)
      rspec-core (~> 2.13.0)
      rspec-expectations (~> 2.13.0)
      rspec-mocks (~> 2.13.0)
    rspec-core (2.13.1)
    rspec-expectations (2.13.0)
      diff-lcs (>= 1.1.3, < 2.0)
    rspec-mocks (2.13.1)

PLATFORMS
  ruby

DEPENDENCIES
  dm-core (~> 1.2.0)
  riak-client (~> 1.2.0)
  rspec
