GEM
  remote: http://rubygems.org/
  specs:
    addressable (2.3.4)
    builder (2.1.2)
    diff-lcs (1.2.4)
    dm-core (1.0.2)
      addressable (~> 2.2)
      extlib (~> 0.9.15)
    extlib (0.9.16)
    i18n (0.6.4)
    riak-client (0.8.3)
      builder (~> 2.1.2)
      i18n (>= 0.4.0)
    rspec (2.13.0)
      rspec-core (~> 2.13.0)
      rspec-expectations (~> 2.13.0)
      rspec-mocks (~> 2.13.0)
    rspec-core (2.13.1)
    rspec-expectations (2.13.0)
      diff-lcs (>= 1.1.3, < 2.0)
    rspec-mocks (2.13.1)

PLATFORMS
  ruby

DEPENDENCIES
  dm-core (~> 1.0.0)
  riak-client (~> 0.8.0)
  rspec
